GEM
  remote: https://rubygems.org/
  specs:
    axiom-types (0.1.1)
      descendants_tracker (~> 0.0.4)
      ice_nine (~> 0.11.0)
      thread_safe (~> 0.3, >= 0.3.1)
    coercible (1.0.0)
      descendants_tracker (~> 0.0.1)
    descendants_tracker (0.0.4)
      thread_safe (~> 0.3, >= 0.3.1)
    faraday (2.7.10)
      faraday-net_http (>= 2.0, < 3.1)
      ruby2_keywords (>= 0.0.4)
    faraday-net_http (3.0.2)
    ice_nine (0.11.2)
    inflecto (0.0.2)
    mini_portile2 (2.8.2)
    ruby2_keywords (0.0.5)
    sqlite3 (1.6.3)
      mini_portile2 (~> 2.8.0)
    telegram-bot-ruby (0.15.0)
      faraday
      inflecto
      virtus
    thread_safe (0.3.6)
    virtus (2.0.0)
      axiom-types (~> 0.1)
      coercible (~> 1.0)
      descendants_tracker (~> 0.0, >= 0.0.3)

PLATFORMS
  x86_64-linux

DEPENDENCIES
  sqlite3
  telegram-bot-ruby

BUNDLED WITH
   2.4.6
